GEM
  remote: https://rubygems.org/
  specs:
    dxopal (1.5.2)
      rack (~> 2.0)
      thor (~> 0.20)
    rack (2.2.6.4)
    rubysdl (2.2.0)
    thor (0.20.3)
    wavefile (1.1.1)

PLATFORMS
  ruby

DEPENDENCIES
  dxopal (= 1.5.2)
  rubysdl
  wavefile

BUNDLED WITH
   2.1.2
