GEM
  remote: https://rubygems.org/
  specs:
    dxopal (1.5.1)
      rack (~> 2.0)
      thor (~> 0.20)
    rack (2.2.6.3)
    rubysdl (2.2.0)
    thor (0.20.3)
    wavefile (1.1.1)

PLATFORMS
  ruby

DEPENDENCIES
  dxopal
  rubysdl
  wavefile

BUNDLED WITH
   2.1.2
