GEM
  remote: https://rubygems.org/
  specs:
    dxopal (1.6.0)
      rack (~> 2.0)
      thor (~> 0.20)
    rack (2.2.16)
    thor (0.20.3)
    wavefile (1.1.2)
    webrick (1.9.1)

PLATFORMS
  x86_64-linux

DEPENDENCIES
  dxopal (= 1.6.0)
  wavefile
  webrick

BUNDLED WITH
   2.3.26
